PATH
  remote: .
  specs:
    origen_debuggers (0.6.1)
      origen (>= 0.2.6)
      origen_testers (>= 0.5.0)

GEM
  remote: http://rubygems.org/
  specs:
    activesupport (4.2.11.1)
      i18n (~> 0.7)
      minitest (~> 5.1)
      thread_safe (~> 0.3, >= 0.3.4)
      tzinfo (~> 1.1)
    ast (2.4.0)
    astrolabe (1.3.1)
      parser (~> 2.2)
    atp (1.1.0)
      ast (~> 2)
      origen (>= 0.2.3)
      sexpistol (~> 0.0)
    byebug (8.2.5)
    coderay (1.1.2)
    colored (1.2)
    colorize (0.8.1)
    concurrent-ruby (1.1.5)
    cri (2.10.1)
      colored (~> 1.2)
    dentaku (2.0.11)
    diff-lcs (1.3)
    docile (1.3.2)
    gems (0.8.3)
    highline (1.7.10)
    httparty (0.17.1)
      mime-types (~> 3.0)
      multi_xml (>= 0.5.2)
    i18n (0.9.5)
      concurrent-ruby (~> 1.0)
    json (2.2.0)
    kramdown (1.17.0)
    method_source (0.9.2)
    mime-types (3.3)
      mime-types-data (~> 3.2015)
    mime-types-data (3.2019.1009)
    mini_portile2 (2.4.0)
    minitest (5.13.0)
    multi_xml (0.6.0)
    nanoc (3.7.5)
      cri (~> 2.3)
    net-ldap (0.16.1)
    nokogiri (1.10.5)
      mini_portile2 (~> 2.4.0)
    origen (0.54.3)
      activesupport (~> 4.1)
      bundler (> 1.7)
      coderay (~> 1.1)
      colored (~> 1.2)
      colorize (~> 0.8.1)
      concurrent-ruby
      cri (~> 2.10.0)
      dentaku (~> 2)
      gems (~> 0.8)
      highline (~> 1.7)
      httparty (~> 0.13)
      kramdown (~> 1.5)
      nanoc (~> 3.7.0)
      net-ldap (~> 0.13)
      nokogiri (>= 1.7.2)
      pry (~> 0.10)
      rake (~> 10)
      rspec (~> 3)
      rspec-legacy_formatters (~> 1)
      rubocop (= 0.30)
      scrub_rb (~> 1.0)
      simplecov (~> 0.9)
      thor (~> 0.19)
      yard (~> 0.8)
    origen_doc_helpers (0.5.2)
      origen (>= 0.7.15)
    origen_jtag (0.17.1)
      origen (~> 0.7, >= 0.7.35)
      origen_testers (>= 0.13.2)
    origen_testers (0.16.0)
      atp (~> 1.1)
      origen (>= 0.26.0)
      require_all (~> 1)
    origen_updater (0.7.0)
      origen
    parser (2.6.5.0)
      ast (~> 2.4.0)
    powerpack (0.1.2)
    pry (0.12.2)
      coderay (~> 1.1.0)
      method_source (~> 0.9.0)
    rainbow (2.2.2)
      rake
    rake (10.5.0)
    require_all (1.5.0)
    rspec (3.9.0)
      rspec-core (~> 3.9.0)
      rspec-expectations (~> 3.9.0)
      rspec-mocks (~> 3.9.0)
    rspec-core (3.9.0)
      rspec-support (~> 3.9.0)
    rspec-expectations (3.9.0)
      diff-lcs (>= 1.2.0, < 2.0)
      rspec-support (~> 3.9.0)
    rspec-legacy_formatters (1.0.2)
      rspec (~> 3.0)
    rspec-mocks (3.9.0)
      diff-lcs (>= 1.2.0, < 2.0)
      rspec-support (~> 3.9.0)
    rspec-support (3.9.0)
    rubocop (0.30.0)
      astrolabe (~> 1.3)
      parser (>= 2.2.0.1, < 3.0)
      powerpack (~> 0.1)
      rainbow (>= 1.99.1, < 3.0)
      ruby-progressbar (~> 1.4)
    ruby-progressbar (1.10.1)
    scrub_rb (1.0.1)
    sexpistol (0.0.7)
    simplecov (0.17.1)
      docile (~> 1.1)
      json (>= 1.8, < 3)
      simplecov-html (~> 0.10.0)
    simplecov-html (0.10.2)
    thor (0.20.3)
    thread_safe (0.3.6)
    tzinfo (1.2.5)
      thread_safe (~> 0.1)
    yard (0.9.20)

PLATFORMS
  ruby

DEPENDENCIES
  byebug (< 9)
  origen_debuggers!
  origen_doc_helpers (>= 0.2.0)
  origen_jtag (>= 0.12.0)
  origen_updater

BUNDLED WITH
   1.16.3
